GEM
  remote: http://rubygems.org/
  specs:
    igo-ruby (0.1.5)
    mini_portile2 (2.4.0)
    nokogiri (1.10.9)
      mini_portile2 (~> 2.4.0)

PLATFORMS
  ruby

DEPENDENCIES
  igo-ruby
  nokogiri

BUNDLED WITH
   1.17.2
